GEM
  remote: http://rubygems.org/
  specs:
    escape (0.0.4)
    gibbon (0.3.5)
      httparty (> 0.6.0)
      httparty (> 0.6.0)
      json (> 1.4.0)
      json (> 1.4.0)
      rdoc
    httparty (0.8.3)
      multi_json (~> 1.0)
      multi_xml
    json (1.7.3)
    mixpanel (1.1.3)
      escape
      json
      rack
    multi_json (1.3.6)
    multi_xml (0.5.1)
    rack (1.4.1)
    rack-protection (1.2.0)
      rack
    rdoc (3.12)
      json (~> 1.4)
    sass (3.1.20)
    shotgun (0.9)
      rack (>= 1.0)
    sinatra (1.3.2)
      rack (~> 1.3, >= 1.3.6)
      rack-protection (~> 1.2)
      tilt (~> 1.3, >= 1.3.3)
    tilt (1.3.3)

PLATFORMS
  ruby

DEPENDENCIES
  gibbon
  mixpanel
  sass
  shotgun
  sinatra
